GEM
  specs:
    capistrano (1.4.2)
      net-sftp (>= 1.1.0, < 1.99.0)
      net-ssh (>= 1.0.10, < 1.99.0)
      rake (>= 0.7.0)
    needle (1.3.0)
    net-sftp (1.1.1)
      net-ssh (>= 1.0.0, < 1.99.0)
    net-ssh (1.1.4)
      needle (>= 1.2.0)
    rake (10.4.2)

PLATFORMS
  ruby

DEPENDENCIES
  capistrano (~> 1.4, >= 1.4.2)

BUNDLED WITH
   1.16.0
